PATH
  remote: .
  specs:
    rest (1.2.2)
      net-http-persistent
      rest-client (>= 0.3.0)

GEM
  remote: https://rubygems.org/
  specs:
    excon (0.14.3)
    ffi (1.0.11)
    mime-types (1.19)
    minitest (3.2.0)
    net-http-persistent (2.7)
    quicky (0.0.1)
    rake (0.9.2.2)
    rest-client (1.6.7)
      mime-types (>= 1.16)
    test-unit (2.5.1)
    typhoeus (0.4.2)
      ffi (~> 1.0)
      mime-types (~> 1.18)
    uber_config (0.0.3)

PLATFORMS
  ruby

DEPENDENCIES
  excon
  minitest
  net-http-persistent
  quicky
  rake
  rest!
  test-unit
  typhoeus
  uber_config
